GEM
  remote: https://rubygems.org/
  specs:
    bson (1.12.5)
    bson_ext (1.12.5)
      bson (~> 1.12.5)
    coderay (1.1.1)
    daemons (1.2.3)
    eventmachine (1.0.9.1)
    httparty (0.13.7)
      json (~> 1.8)
      multi_xml (>= 0.5.2)
    i18n (0.7.0)
    json (1.8.3)
    method_source (0.8.2)
    mini_portile2 (2.0.0)
    minitest (5.8.4)
    monetize (1.4.0)
      money (~> 6.7)
    money (6.7.0)
      i18n (>= 0.6.4, <= 0.7.0)
      sixarm_ruby_unaccent (>= 1.1.1, < 2)
    mongo (1.12.5)
      bson (= 1.12.5)
    multi_xml (0.5.5)
    nokogiri (1.6.7.2)
      mini_portile2 (~> 2.0.0.rc2)
    pry (0.10.3)
      coderay (~> 1.1.0)
      method_source (~> 0.8.1)
      slop (~> 3.4)
    rack (1.6.4)
    rack-protection (1.5.3)
      rack
    sinatra (1.4.7)
      rack (~> 1.5)
      rack-protection (~> 1.4)
      tilt (>= 1.3, < 3)
    sixarm_ruby_unaccent (1.1.1)
    slop (3.6.0)
    thin (1.6.4)
      daemons (~> 1.0, >= 1.0.9)
      eventmachine (~> 1.0, >= 1.0.4)
      rack (~> 1.0)
    tilt (2.0.2)
    vcr (3.0.1)

PLATFORMS
  ruby

DEPENDENCIES
  bson_ext
  httparty
  minitest
  monetize
  mongo
  nokogiri
  pry
  sinatra
  thin
  vcr

BUNDLED WITH
   1.11.2
